GIT
  remote: git://github.com/CocoaPods/Xcodeproj.git
  revision: 1b84fd58f124e951591eb8f082b82f33387bcda1
  specs:
    xcodeproj (0.4.0.rc9)
      activesupport (~> 3.2.6)
      colored (~> 1.2)

GEM
  remote: http://rubygems.org/
  remote: http://gems.github.com/
  specs:
    activesupport (3.2.8)
      i18n (~> 0.6)
      multi_json (~> 1.0)
    colored (1.2)
    i18n (0.6.1)
    multi_json (1.3.7)

PLATFORMS
  ruby

DEPENDENCIES
  xcodeproj!
